GEM
  remote: https://rubygems.org/
  specs:
    equatable (0.5.0)
    kramdown (1.16.2)
    pastel (0.7.2)
      equatable (~> 0.5.0)
      tty-color (~> 0.4.0)
    rouge (3.1.1)
    strings (0.1.1)
      unicode-display_width (~> 1.3.0)
      unicode_utils (~> 1.4.0)
    tty-color (0.4.2)
    tty-markdown (0.2.0)
      kramdown (~> 1.16.2)
      pastel (~> 0.7.2)
      rouge (~> 3.1.0)
      strings (~> 0.1.0)
      tty-color (~> 0.4.2)
      tty-screen (~> 0.6.4)
    tty-screen (0.6.4)
    unicode-display_width (1.3.0)
    unicode_utils (1.4.0)

PLATFORMS
  ruby

DEPENDENCIES
  tty-markdown

BUNDLED WITH
   1.16.1
